PATH
  remote: .
  specs:
    apscli (0.1.3-java)

GEM
  remote: https://rubygems.org/
  specs:
    minitest (5.14.1)
    rake (12.3.3)

PLATFORMS
  java

DEPENDENCIES
  apscli!
  minitest (~> 5.0)
  rake (~> 12.0)

BUNDLED WITH
   2.1.4
